GEM
  remote: http://rubygems.org/
  specs:
    growl_notify (0.0.1)
      rb-appscript
    guard (0.7.0)
      thor (~> 0.14.6)
    guard-minitest (0.4.0)
      guard (~> 0.4)
    minitest (2.6.0)
    rack (1.3.0)
    rack-test (0.5.7)
      rack (>= 1.0)
    rb-appscript (0.6.0)
    rb-fsevent (0.4.3.1)
    thor (0.14.6)

PLATFORMS
  ruby

DEPENDENCIES
  growl_notify
  guard
  guard-minitest
  minitest
  rack
  rack-test
  rb-fsevent
