GEM
  remote: http://rubygems.org/
  specs:
    minitest (2.6.0)
    rack (1.3.0)

PLATFORMS
  ruby

DEPENDENCIES
  minitest
  rack
